PATH
  remote: .
  specs:
    actionmailer (3.0.0.beta3)
      actionpack (= 3.0.0.beta3)
      mail (~> 2.2.1)
      text-format (~> 1.0.0)
    actionpack (3.0.0.beta3)
      activemodel (= 3.0.0.beta3)
      activesupport (= 3.0.0.beta3)
      erubis (~> 2.6.5)
      rack (~> 1.1.0)
      rack-mount (~> 0.6.3)
      rack-test (~> 0.5.0)
    activemodel (3.0.0.beta3)
      activesupport (= 3.0.0.beta3)
    activerecord (3.0.0.beta3)
      activemodel (= 3.0.0.beta3)
      activesupport (= 3.0.0.beta3)
      arel (~> 0.3.3)
    activeresource (3.0.0.beta3)
      activemodel (= 3.0.0.beta3)
      activesupport (= 3.0.0.beta3)
    activesupport (3.0.0.beta3)
      builder (~> 2.1.2)
      i18n (~> 0.4.0)
      memcache-client (>= 1.7.5)
      tzinfo (~> 0.3.16)
    rails (3.0.0.beta3)
      actionmailer (= 3.0.0.beta3)
      actionpack (= 3.0.0.beta3)
      activerecord (= 3.0.0.beta3)
      activeresource (= 3.0.0.beta3)
      activesupport (= 3.0.0.beta3)
      bundler (>= 0.9.19)
      railties (= 3.0.0.beta3)
    railties (3.0.0.beta3)
      actionpack (= 3.0.0.beta3)
      activesupport (= 3.0.0.beta3)
      rake (>= 0.8.3)
      thor (~> 0.13.6)

GIT
  remote: git://github.com/rails/arel.git
  revision: 2dfc727
  specs:
    arel (0.3.3)
      activesupport (>= 3.0.0.beta)

GEM
  remote: http://rubygems.org/
  specs:
    RedCloth (4.2.3)
    abstract (1.0.0)
    builder (2.1.2)
    bundler (0.10.pre)
    columnize (0.3.1)
    erubis (2.6.5)
      abstract (>= 1.0.0)
    i18n (0.4.0)
    json (1.4.3)
    linecache (0.43)
    mail (2.2.1)
      activesupport (>= 2.3.4)
      mime-types
      treetop (>= 1.4.5)
    memcache-client (1.8.3)
    mime-types (1.16)
    mocha (0.9.8)
      rake
    mysql (2.8.1)
    nokogiri (1.4.2)
    pg (0.9.0)
    polyglot (0.3.1)
    rack (1.1.0)
    rack-mount (0.6.3)
    rack-test (0.5.3)
      rack (>= 1.0)
    rake (0.8.7)
    rdoc (2.1.0)
    ruby-debug (0.10.3)
      columnize (>= 0.1)
      ruby-debug-base (~> 0.10.3.0)
    ruby-debug-base (0.10.3)
      linecache (>= 0.3)
    sqlite3-ruby (1.3.0.beta.2)
    system_timer (1.0)
    text-format (1.0.0)
      text-hyphen (~> 1.0.0)
    text-hyphen (1.0.0)
    thor (0.13.6)
    treetop (1.4.7)
      polyglot (>= 0.3.1)
    tzinfo (0.3.22)
    yajl-ruby (0.7.6)

DEPENDENCIES
  RedCloth (>= 4.2.2)
  arel!
  json
  mocha (>= 0.9.8)
  mysql (>= 2.8.1)
  nokogiri (>= 1.4.0)
  pg (>= 0.9.0)
  rack-test (= 0.5.3)
  rails!
  rake (>= 0.8.7)
  rdoc (= 2.1)
  ruby-debug (>= 0.10.3)
  sqlite3-ruby (= 1.3.0.beta.2)
  system_timer
  yajl-ruby
